GIT
  remote: https://github.com/harshared/simple_calendar
  revision: 109781178efa26c89ba51efa496bca29bc70a565
  specs:
    simple_calendar (2.2.5)
      rails (>= 3.0)

GIT
  remote: https://github.com/ideacrew/acapi.git
  revision: 2e9e00bf93956817159c34ba2fb812e8074fe729
  branch: trunk
  specs:
    acapi (1.3.4)
      activesupport (> 4.2.0)
      bunny (>= 1.7.0, < 3)
      sneakers

GIT
  remote: https://github.com/ideacrew/openhbx_cv2.git
  revision: 41f3152d127b141f0c6a8351dc8bd057e758b976
  branch: trunk
  specs:
    openhbx_cv2 (0.0.1)
      activesupport (>= 3.2)
      nokogiri-happymapper (~> 0.5)

GIT
  remote: https://github.com/ideacrew/resource_registry.git
  revision: 326b5606bd2cd29209446682e26d477ec235dbd1
  branch: trunk
  specs:
    resource_registry (0.7.0)
      bootsnap (~> 1.0)
      deep_merge (>= 1.0.0)
      dry-configurable (~> 0.12)
      dry-container (~> 0.9)
      dry-matcher (~> 0.7)
      dry-monads (~> 1.3)
      dry-struct (~> 1.0)
      dry-types (~> 1.0)
      dry-validation (~> 1.2)
      i18n (>= 0.7.0)
      mime-types
      ox (~> 2.0)

GIT
  remote: https://github.com/prawnpdf/prawn.git
  revision: 8028ca0cd2aae8c72df9fc4bf16388948423bcb2
  ref: 8028ca0cd2
  specs:
    prawn (1.0.0.rc2)
      afm
      pdf-reader (~> 1.2)
      ruby-rc4
      ttfunk (~> 1.0.3)

PATH
  remote: components/benefit_markets
  specs:
    benefit_markets (0.0.1)
      aasm (~> 4.8.0)
      active_model_serializers
      config
      dry-monads
      dry-struct
      dry-types
      dry-validation
      i18n (= 0.9.5)
      mini_portile2 (~> 2.8.0)
      mongoid (~> 7.0.2)
      nokogiri (= 1.13.10)
      pundit (~> 1.0.1)
      rails (~> 5.2.8.1)
      slim (~> 3.0.9)
      symmetric-encryption (~> 3.6.0)
      virtus (= 1.0.5)

PATH
  remote: components/benefit_sponsors
  specs:
    benefit_sponsors (0.0.1)
      aasm (~> 4.8.0)
      active_model_serializers
      browser (= 2.7.0)
      config
      devise (~> 4.5)
      dry-auto_inject (= 0.6.1)
      dry-container
      dry-initializer
      dry-monads
      dry-schema (~> 1.0)
      dry-struct
      dry-validation (~> 1.0)
      interactor (= 3.1.0)
      interactor-rails (= 2.2.1)
      language_list (~> 1.1.0)
      money-rails (~> 1.10.0)
      mongoid (~> 7.0.2)
      mongoid-autoinc
      pundit (~> 1.0.1)
      rails (~> 5.2.8.1)
      roo (~> 2.1.0)
      slim (~> 3.0.8)
      symmetric-encryption (~> 3.6.0)
      virtus (~> 1.0.5)

PATH
  remote: components/notifier
  specs:
    notifier (0.0.1)
      aasm (~> 4.8.0)
      acapi
      ckeditor (= 4.2.4)
      combine_pdf
      config
      curl
      money-rails (~> 1.10.0)
      mongoid (~> 7.0.2)
      non-stupid-digest-assets
      rails (~> 5.2.8.1)
      redcarpet (~> 3.4.0)
      roo (~> 2.1.0)
      slim (= 3.0.9)
      virtus (~> 1.0.5)
      wicked_pdf (= 1.1.0)
      wkhtmltopdf-binary-edge (~> 0.12.3.0)

PATH
  remote: components/sponsored_benefits
  specs:
    sponsored_benefits (0.0.1)
      aasm (~> 4.8.0)
      config
      dry-auto_inject (= 0.6.1)
      dry-container
      dry-initializer
      dry-monads
      dry-schema (~> 1.0)
      dry-struct
      dry-types
      dry-validation (~> 1.0)
      mongoid (~> 7.0.2)
      rails (~> 5.2.8.1)
      roo (~> 2.1.0)
      slim (~> 3.0.8)
      symmetric-encryption (~> 3.6.0)

PATH
  remote: components/transport_gateway
  specs:
    transport_gateway (0.0.1)
      aws-sdk (~> 2.2.4)
      net-sftp (~> 2.1, >= 2.1.2)
      net-ssh (= 4.2.0)
      rails (~> 5.2.8.1)

PATH
  remote: components/transport_profiles
  specs:
    transport_profiles (0.0.1)
      acapi
      mongoid (~> 7.0.2)
      nokogiri (= 1.13.10)
      rails (~> 5.2.8.1)
      rubyzip (>= 1.3.0)
      symmetric-encryption (~> 3.6.0)
      transport_gateway

PATH
  remote: project_gems/effective_datatables-2.6.14
  specs:
    effective_datatables (2.6.14)
      coffee-rails
      haml-rails
      kaminari
      rails (>= 3.2.0)
      sass-rails
      simple_form

PATH
  remote: project_gems/mongoid_userstamp-0.4.0
  specs:
    mongoid_userstamp (0.4.0)
      mongoid (>= 3.0.4)

GEM
  remote: https://rubygems.org/
  specs:
    Ascii85 (1.0.3)
    aasm (4.8.0)
    action_mailer_cache_delivery (0.3.7)
      actionmailer (>= 3.0)
    actioncable (5.2.8.1)
      actionpack (= 5.2.8.1)
      nio4r (~> 2.0)
      websocket-driver (>= 0.6.1)
    actionmailer (5.2.8.1)
      actionpack (= 5.2.8.1)
      actionview (= 5.2.8.1)
      activejob (= 5.2.8.1)
      mail (~> 2.5, >= 2.5.4)
      rails-dom-testing (~> 2.0)
    actionpack (5.2.8.1)
      actionview (= 5.2.8.1)
      activesupport (= 5.2.8.1)
      rack (~> 2.0, >= 2.0.8)
      rack-test (>= 0.6.3)
      rails-dom-testing (~> 2.0)
      rails-html-sanitizer (~> 1.0, >= 1.0.2)
    actionview (5.2.8.1)
      activesupport (= 5.2.8.1)
      builder (~> 3.1)
      erubi (~> 1.4)
      rails-dom-testing (~> 2.0)
      rails-html-sanitizer (~> 1.0, >= 1.0.3)
    active_model_serializers (0.10.14)
      actionpack (>= 4.1)
      activemodel (>= 4.1)
      case_transform (>= 0.2)
      jsonapi-renderer (>= 0.1.1.beta1, < 0.3)
    activejob (5.2.8.1)
      activesupport (= 5.2.8.1)
      globalid (>= 0.3.6)
    activemodel (5.2.8.1)
      activesupport (= 5.2.8.1)
    activerecord (5.2.8.1)
      activemodel (= 5.2.8.1)
      activesupport (= 5.2.8.1)
      arel (>= 9.0)
    activestorage (5.2.8.1)
      actionpack (= 5.2.8.1)
      activerecord (= 5.2.8.1)
      marcel (~> 1.0.0)
    activesupport (5.2.8.1)
      concurrent-ruby (~> 1.0, >= 1.0.2)
      i18n (>= 0.7, < 2)
      minitest (~> 5.1)
      tzinfo (~> 1.1)
    addressable (2.8.0)
      public_suffix (>= 2.0.2, < 5.0)
    afm (0.2.2)
    amq-protocol (2.3.2)
    animate-rails (1.0.10)
      rails
    arel (9.0.0)
    ast (2.4.2)
    awesome_print (1.9.2)
    aws-sdk (2.2.4)
      aws-sdk-resources (= 2.2.4)
    aws-sdk-core (2.2.4)
      jmespath (~> 1.0)
    aws-sdk-resources (2.2.4)
      aws-sdk-core (= 2.2.4)
    axiom-types (0.1.1)
      descendants_tracker (~> 0.0.4)
      ice_nine (~> 0.11.0)
      thread_safe (~> 0.3, >= 0.3.1)
    backports (3.24.1)
    base64 (0.2.0)
    bcrypt (3.1.20)
    benchmark-malloc (0.2.0)
    benchmark-perf (0.6.0)
    benchmark-trend (0.4.0)
    bigdecimal (1.3.5)
    binding_of_caller (1.0.0)
      debug_inspector (>= 0.0.1)
    bootsnap (1.18.3)
      msgpack (~> 1.2)
    bootstrap-multiselect-rails (0.9.9)
      rails (>= 4.0.0)
    bootstrap-slider-rails (9.8.0)
      railties (>= 3.2, < 6.0)
    brakeman (5.4.1)
    browser (2.7.0)
    bson (4.15.0)
    builder (3.2.4)
    bunny (2.22.0)
      amq-protocol (~> 2.3, >= 2.3.1)
      sorted_set (~> 1, >= 1.0.2)
    capistrano (3.3.5)
      capistrano-stats (~> 1.1.0)
      i18n
      rake (>= 10.0.0)
      sshkit (~> 1.3)
    capistrano-bundler (1.6.0)
      capistrano (~> 3.1)
    capistrano-rails (1.1.6)
      capistrano (~> 3.1)
      capistrano-bundler (~> 1.1)
    capistrano-stats (1.1.1)
    capybara (3.12.0)
      addressable
      mini_mime (>= 0.1.3)
      nokogiri (~> 1.8)
      rack (>= 1.6.0)
      rack-test (>= 0.6.3)
      regexp_parser (~> 1.2)
      xpath (~> 3.2)
    capybara-screenshot (1.0.26)
      capybara (>= 1.0, < 4)
      launchy
    carrierwave (2.2.5)
      activemodel (>= 5.0.0)
      activesupport (>= 5.0.0)
      addressable (~> 2.6)
      image_processing (~> 1.1)
      marcel (~> 1.0.0)
      mini_mime (>= 0.1.3)
      ssrf_filter (~> 1.0)
    carrierwave-mongoid (1.4.0)
      carrierwave (>= 0.8, < 3)
      mongoid (>= 3.0, < 9.0)
      mongoid-grid_fs (>= 1.3, < 3.0)
    case_transform (0.2)
      activesupport
    celluloid (0.17.4)
      celluloid-essentials
      celluloid-extras
      celluloid-fsm
      celluloid-pool
      celluloid-supervision
      timers (>= 4.1.1)
    celluloid-essentials (0.20.5)
      timers (>= 4.1.1)
    celluloid-extras (0.20.5)
      timers (>= 4.1.1)
    celluloid-fsm (0.20.5)
      timers (>= 4.1.1)
    celluloid-io (0.17.3)
      celluloid (>= 0.17.2)
      nio4r (>= 1.1)
      timers (>= 4.1.1)
    celluloid-pool (0.20.5)
      timers (>= 4.1.1)
    celluloid-supervision (0.20.6)
      timers (>= 4.1.1)
    certified (1.0.0)
    childprocess (5.0.0)
    chosen-rails (1.10.0)
      coffee-rails (>= 3.2)
      railties (>= 3.0)
      sassc-rails (>= 2.1.2)
    ckeditor (4.2.4)
      cocaine
      orm_adapter (~> 0.5.0)
    climate_control (0.2.0)
    cocaine (0.6.0)
      terrapin (= 0.6.0)
    coercible (1.0.0)
      descendants_tracker (~> 0.0.1)
    coffee-rails (4.2.2)
      coffee-script (>= 2.2.0)
      railties (>= 4.0.0)
    coffee-script (2.4.1)
      coffee-script-source
      execjs
    coffee-script-source (1.12.2)
    colorize (1.1.0)
    combine_pdf (1.0.26)
      matrix
      ruby-rc4 (>= 0.1.5)
    concurrent-ruby (1.2.3)
    config (2.2.3)
      deep_merge (~> 1.2, >= 1.2.1)
      dry-validation (~> 1.0, >= 1.0.0)
    crack (1.0.0)
      bigdecimal
      rexml
    crass (1.0.6)
    cucumber (3.1.2)
      builder (>= 2.1.2)
      cucumber-core (~> 3.2.0)
      cucumber-expressions (~> 6.0.1)
      cucumber-wire (~> 0.0.1)
      diff-lcs (~> 1.3)
      gherkin (~> 5.1.0)
      multi_json (>= 1.7.5, < 2.0)
      multi_test (>= 0.1.2)
    cucumber-core (3.2.1)
      backports (>= 3.8.0)
      cucumber-tag_expressions (~> 1.1.0)
      gherkin (~> 5.0)
    cucumber-expressions (6.0.1)
    cucumber-rails (2.0.0)
      capybara (>= 2.12, < 4)
      cucumber (>= 3.0.2, < 4)
      mime-types (>= 2.0, < 4)
      nokogiri (~> 1.8)
      railties (>= 4.2, < 7)
    cucumber-tag_expressions (1.1.1)
    cucumber-wire (0.0.1)
    curl (0.0.9)
      awesome_print (>= 0.2.1)
      unidecoder (>= 1.1.1)
    database_cleaner (1.5.3)
    debug_inspector (1.2.0)
    deep_merge (1.2.2)
    descendants_tracker (0.0.4)
      thread_safe (~> 0.3, >= 0.3.1)
    devise (4.9.3)
      bcrypt (~> 3.0)
      orm_adapter (~> 0.1)
      railties (>= 4.1.0)
      responders
      warden (~> 1.2.3)
    diff-lcs (1.5.1)
    docile (1.1.5)
    dry-auto_inject (0.6.1)
      dry-container (>= 0.3.4)
    dry-configurable (0.16.1)
      dry-core (~> 0.6)
      zeitwerk (~> 2.6)
    dry-container (0.9.0)
      concurrent-ruby (~> 1.0)
      dry-configurable (~> 0.13, >= 0.13.0)
    dry-core (0.9.1)
      concurrent-ruby (~> 1.0)
      zeitwerk (~> 2.6)
    dry-inflector (0.3.0)
    dry-initializer (3.1.1)
    dry-logic (1.3.0)
      concurrent-ruby (~> 1.0)
      dry-core (~> 0.9, >= 0.9)
      zeitwerk (~> 2.6)
    dry-matcher (0.9.0)
      dry-core (~> 0.4, >= 0.4.8)
    dry-monads (1.5.0)
      concurrent-ruby (~> 1.0)
      dry-core (~> 0.9, >= 0.9)
      zeitwerk (~> 2.6)
    dry-schema (1.11.3)
      concurrent-ruby (~> 1.0)
      dry-configurable (~> 0.16, >= 0.16)
      dry-core (~> 0.9, >= 0.9)
      dry-initializer (~> 3.0)
      dry-logic (~> 1.3)
      dry-types (~> 1.6)
      zeitwerk (~> 2.6)
    dry-struct (1.5.2)
      dry-core (~> 0.9, >= 0.9)
      dry-types (~> 1.6)
      ice_nine (~> 0.11)
      zeitwerk (~> 2.6)
    dry-types (1.6.1)
      concurrent-ruby (~> 1.0)
      dry-container (~> 0.3)
      dry-core (~> 0.9, >= 0.9)
      dry-inflector (~> 0.1, >= 0.1.2)
      dry-logic (~> 1.3, >= 1.3)
      zeitwerk (~> 2.6)
    dry-validation (1.9.0)
      concurrent-ruby (~> 1.0)
      dry-container (~> 0.7, >= 0.7.1)
      dry-core (~> 0.9, >= 0.9)
      dry-initializer (~> 3.0)
      dry-schema (~> 1.11, >= 1.11.0)
      zeitwerk (~> 2.6)
    easy_diff (1.0.0)
    email_spec (2.0.0)
      htmlentities (~> 4.3.3)
      launchy (~> 2.1)
      mail (~> 2.6.3)
    equalizer (0.0.11)
    erubi (1.12.0)
    erubis (2.7.0)
    execjs (2.9.1)
    eye (0.10.0)
      celluloid (~> 0.17.3)
      celluloid-io (~> 0.17.0)
      kostya-sigar (~> 2.0.0)
      state_machines
      thor
    factory_bot (4.11.1)
      activesupport (>= 3.0.0)
    factory_bot_rails (4.11.1)
      factory_bot (~> 4.11.1)
      railties (>= 3.0.0)
    fakeredis (0.9.2)
      redis (~> 4.8)
    ffi (1.14.0)
    forgery (0.8.1)
    gherkin (5.1.0)
    globalid (1.1.0)
      activesupport (>= 5.0)
    haml (5.2.2)
      temple (>= 0.8.0)
      tilt
    haml-rails (1.0.0)
      actionpack (>= 4.0.1)
      activesupport (>= 4.0.1)
      haml (>= 4.0.6, < 6.0)
      html2haml (>= 1.0.1)
      railties (>= 4.0.1)
    hashdiff (1.1.0)
    hashery (2.1.2)
    holidays (8.7.1)
    html2haml (2.3.0)
      erubis (~> 2.7.0)
      haml (>= 4.0)
      nokogiri (>= 1.6.0)
      ruby_parser (~> 3.5)
    htmlentities (4.3.4)
    httparty (0.21.0)
      mini_mime (>= 1.0.0)
      multi_xml (>= 0.5.2)
    i18n (0.9.5)
      concurrent-ruby (~> 1.0)
    ice_cube (0.16.4)
    ice_nine (0.11.2)
    image_processing (1.12.2)
      mini_magick (>= 4.9.5, < 5)
      ruby-vips (>= 2.0.17, < 3)
    iniparse (1.5.0)
    interactor (3.1.0)
    interactor-rails (2.2.1)
      interactor (~> 3.0)
      rails (>= 4.2)
    jbuilder (2.11.5)
      actionview (>= 5.0.0)
      activesupport (>= 5.0.0)
    jmespath (1.6.2)
    jquery-datatables-rails (3.4.0)
      actionpack (>= 3.1)
      jquery-rails
      railties (>= 3.1)
      sass-rails
    jquery-rails (4.6.0)
      rails-dom-testing (>= 1, < 3)
      railties (>= 4.2.0)
      thor (>= 0.14, < 2.0)
    jquery-turbolinks (2.1.0)
      railties (>= 3.1.0)
      turbolinks
    jquery-ui-rails (6.0.1)
      railties (>= 3.2.16)
    json (1.8.6)
    jsonapi-renderer (0.2.2)
    kaminari (0.17.0)
      actionpack (>= 3.0.0)
      activesupport (>= 3.0.0)
    kgio (2.11.4)
    kostya-sigar (2.0.10)
    language_list (1.1.0)
    launchy (2.5.2)
      addressable (~> 2.8)
    libv8-node (16.19.0.1-x86_64-darwin)
    libv8-node (16.19.0.1-x86_64-linux)
    loofah (2.19.1)
      crass (~> 1.0.2)
      nokogiri (>= 1.5.9)
    mail (2.6.3)
      mime-types (>= 1.16, < 3)
    marcel (1.0.2)
    maskedinput-rails (1.4.1.0)
    matrix (0.4.2)
    method_source (1.0.0)
    mime-types (2.99.3)
    mini_magick (4.12.0)
    mini_mime (1.1.5)
    mini_portile2 (2.8.5)
    mini_racer (0.6.4)
      libv8-node (~> 16.19.0.0)
    minitest (5.22.2)
    monetize (1.7.0)
      money (~> 6.9)
    money (6.10.1)
      i18n (>= 0.6.4, < 1.0)
    money-rails (1.10.0)
      activesupport (>= 3.0)
      monetize (~> 1.7.0)
      money (~> 6.10.0)
      railties (>= 3.0)
    mongo (2.19.3)
      bson (>= 4.14.1, < 5.0.0)
    mongo_session_store (3.2.1)
      actionpack (>= 4.0)
      mongo (~> 2.0)
    mongoid (7.0.13)
      activemodel (>= 5.1, < 6.2)
      mongo (>= 2.7.0, < 3.0.0)
    mongoid-autoinc (6.0.3)
      mongoid (>= 6.0, < 8.0)
    mongoid-compatibility (0.6.0)
      activesupport
      mongoid (>= 2.0)
    mongoid-grid_fs (2.5.0)
      mime-types (>= 1.0, < 4.0)
      mongoid (>= 3.0, < 9.0)
    mongoid-history (0.8.5)
      activesupport
      easy_diff
      mongoid (>= 3.0)
      mongoid-compatibility (>= 0.5.1)
    mongoid-rspec (4.1.0)
      activesupport (>= 3.0.0)
      mongoid (>= 3.1)
      mongoid-compatibility (>= 0.5.1)
      rspec-core (~> 3.3)
      rspec-expectations (~> 3.3)
      rspec-mocks (~> 3.3)
    mongoid-versioning (0.1.0)
      activesupport
      mongoid
    mongoid_rails_migrations (1.2.1)
      activesupport (>= 4.2.0)
      bundler (>= 1.0.0)
      mongoid (>= 4.0.0)
      rails (>= 4.2.0)
      railties (>= 4.2.0)
    mono_logger (1.1.2)
    msgpack (1.7.2)
    multi_json (1.15.0)
    multi_test (1.1.0)
    multi_xml (0.6.0)
    mustermann (3.0.0)
      ruby2_keywords (~> 0.0.1)
    mutex_m (0.2.0)
    net-scp (4.0.0)
      net-ssh (>= 2.6.5, < 8.0.0)
    net-sftp (2.1.2)
      net-ssh (>= 2.6.5)
    net-ssh (4.2.0)
    newrelic_rpm (9.7.1)
    next_rails (1.3.0)
      colorize (>= 0.8.1)
    nio4r (2.7.0)
    nokogiri (1.13.10-x86_64-darwin)
      racc (~> 1.4)
    nokogiri (1.13.10-x86_64-linux)
      racc (~> 1.4)
    nokogiri-happymapper (0.8.1)
      nokogiri (~> 1.5)
    non-stupid-digest-assets (1.0.11)
      sprockets (>= 2.0)
    orm_adapter (0.5.0)
    overcommit (0.63.0)
      childprocess (>= 0.6.3, < 6)
      iniparse (~> 1.4)
      rexml (~> 3.2)
    ox (2.14.17)
    parallel (1.24.0)
    parallel_tests (2.26.2)
      parallel
    parser (3.3.0.5)
      ast (~> 2.4.1)
      racc
    pdf-reader (1.4.1)
      Ascii85 (~> 1.0.0)
      afm (~> 0.2.1)
      hashery (~> 2.0)
      ruby-rc4
      ttfunk
    public_suffix (4.0.7)
    puma (4.3.6)
      nio4r (~> 2.0)
    pundit (1.0.1)
      activesupport (>= 3.0.0)
    racc (1.7.3)
    rack (2.2.8.1)
    rack-protection (3.2.0)
      base64 (>= 0.1.0)
      rack (~> 2.2, >= 2.2.4)
    rack-proxy (0.7.7)
      rack
    rack-session (1.0.2)
      rack (< 3)
    rack-test (2.1.0)
      rack (>= 1.3)
    railroady (1.5.3)
    rails (5.2.8.1)
      actioncable (= 5.2.8.1)
      actionmailer (= 5.2.8.1)
      actionpack (= 5.2.8.1)
      actionview (= 5.2.8.1)
      activejob (= 5.2.8.1)
      activemodel (= 5.2.8.1)
      activerecord (= 5.2.8.1)
      activestorage (= 5.2.8.1)
      activesupport (= 5.2.8.1)
      bundler (>= 1.3.0)
      railties (= 5.2.8.1)
      sprockets-rails (>= 2.0.0)
    rails-controller-testing (1.0.5)
      actionpack (>= 5.0.1.rc1)
      actionview (>= 5.0.1.rc1)
      activesupport (>= 5.0.1.rc1)
    rails-dom-testing (2.2.0)
      activesupport (>= 5.0.0)
      minitest
      nokogiri (>= 1.6)
    rails-html-sanitizer (1.5.0)
      loofah (~> 2.19, >= 2.19.1)
    rails-i18n (5.1.3)
      i18n (>= 0.7, < 2)
      railties (>= 5.0, < 6)
    railties (5.2.8.1)
      actionpack (= 5.2.8.1)
      activesupport (= 5.2.8.1)
      method_source
      rake (>= 0.8.7)
      thor (>= 0.19.0, < 2.0)
    rainbow (3.1.1)
    raindrops (0.20.1)
    rake (13.1.0)
    rb-fsevent (0.11.2)
    rb-inotify (0.10.1)
      ffi (~> 1.0)
    rbtree (0.4.6)
    rdoc (4.3.0)
    recaptcha (4.3.1)
      json
    recurring_select (3.0.1)
      coffee-rails (>= 3.1)
      ice_cube (>= 0.11)
      jquery-rails (>= 3.0)
      rails (>= 5.2)
      sass-rails (>= 4.0)
    redcarpet (3.4.0)
    redis (4.8.1)
    redis-actionpack (5.4.0)
      actionpack (>= 5, < 8)
      redis-rack (>= 2.1.0, < 4)
      redis-store (>= 1.1.0, < 2)
    redis-activesupport (5.3.0)
      activesupport (>= 3, < 8)
      redis-store (>= 1.3, < 2)
    redis-namespace (1.11.0)
      redis (>= 4)
    redis-rack (3.0.0)
      rack-session (>= 0.2.0)
      redis-store (>= 1.2, < 2)
    redis-rails (5.0.2)
      redis-actionpack (>= 5.0, < 6)
      redis-activesupport (>= 5.0, < 6)
      redis-store (>= 1.2, < 2)
    redis-store (1.10.0)
      redis (>= 4, < 6)
    regexp_parser (1.8.2)
    responders (3.1.1)
      actionpack (>= 5.2)
      railties (>= 5.2)
    resque (2.6.0)
      mono_logger (~> 1.0)
      multi_json (~> 1.0)
      redis-namespace (~> 1.6)
      sinatra (>= 0.9.2)
    rexml (3.2.6)
    roo (2.1.1)
      nokogiri (~> 1)
      rubyzip (~> 1.1, < 2.0.0)
    rspec (3.13.0)
      rspec-core (~> 3.13.0)
      rspec-expectations (~> 3.13.0)
      rspec-mocks (~> 3.13.0)
    rspec-benchmark (0.6.0)
      benchmark-malloc (~> 0.2)
      benchmark-perf (~> 0.6)
      benchmark-trend (~> 0.4)
      rspec (>= 3.0)
    rspec-core (3.13.0)
      rspec-support (~> 3.13.0)
    rspec-expectations (3.13.0)
      diff-lcs (>= 1.2.0, < 2.0)
      rspec-support (~> 3.13.0)
    rspec-instafail (1.0.0)
      rspec
    rspec-mocks (3.13.0)
      diff-lcs (>= 1.2.0, < 2.0)
      rspec-support (~> 3.13.0)
    rspec-rails (5.1.2)
      actionpack (>= 5.2)
      activesupport (>= 5.2)
      railties (>= 5.2)
      rspec-core (~> 3.10)
      rspec-expectations (~> 3.10)
      rspec-mocks (~> 3.10)
      rspec-support (~> 3.10)
    rspec-support (3.13.1)
    rspec_junit_formatter (0.2.3)
      builder (< 4)
      rspec-core (>= 2, < 4, != 2.12.0)
    rubocop (1.31.0)
      parallel (~> 1.10)
      parser (>= 3.1.0.0)
      rainbow (>= 2.2.2, < 4.0)
      regexp_parser (>= 1.8, < 3.0)
      rexml (>= 3.2.5, < 4.0)
      rubocop-ast (>= 1.18.0, < 2.0)
      ruby-progressbar (~> 1.7)
      unicode-display_width (>= 1.4.0, < 3.0)
    rubocop-ast (1.30.0)
      parser (>= 3.2.1.0)
    rubocop-git (0.1.3)
      rubocop (>= 0.24.1)
    rubocop-rspec (2.12.1)
      rubocop (~> 1.31)
    ruby-progressbar (1.13.0)
    ruby-rc4 (0.1.5)
    ruby-saml (1.16.0)
      nokogiri (>= 1.13.10)
      rexml
    ruby-vips (2.2.1)
      ffi (~> 1.12)
    ruby2_keywords (0.0.5)
    rubyXL (3.4.25)
      nokogiri (>= 1.10.8)
      rubyzip (>= 1.3.0)
    ruby_parser (3.21.0)
      racc (~> 1.5)
      sexp_processor (~> 4.16)
    rubyzip (1.3.0)
    sass (3.7.4)
      sass-listen (~> 4.0.0)
    sass-listen (4.0.0)
      rb-fsevent (~> 0.9, >= 0.9.4)
      rb-inotify (~> 0.9, >= 0.9.7)
    sass-rails (5.1.0)
      railties (>= 5.2.0)
      sass (~> 3.1)
      sprockets (>= 2.8, < 4.0)
      sprockets-rails (>= 2.0, < 4.0)
      tilt (>= 1.1, < 3)
    sassc (2.4.0)
      ffi (~> 1.9)
    sassc-rails (2.1.2)
      railties (>= 4.0.0)
      sassc (>= 2.0)
      sprockets (> 3.0)
      sprockets-rails
      tilt
    sdoc (0.4.2)
      json (~> 1.7, >= 1.7.7)
      rdoc (~> 4.0)
    selenium-webdriver (4.9.0)
      rexml (~> 3.2, >= 3.2.5)
      rubyzip (>= 1.2.2, < 3.0)
      websocket (~> 1.0)
    semantic_range (3.0.0)
    serverengine (2.0.7)
      sigdump (~> 0.2.2)
    set (1.0.4)
    sexp_processor (4.17.1)
    shoulda-matchers (3.1.1)
      activesupport (>= 4.0.0)
    sigdump (0.2.5)
    simple_form (5.3.0)
      actionpack (>= 5.2)
      activemodel (>= 5.2)
    simplecov (0.14.1)
      docile (~> 1.1.0)
      json (>= 1.8, < 3)
      simplecov-html (~> 0.10.0)
    simplecov-html (0.10.2)
    sinatra (3.2.0)
      mustermann (~> 3.0)
      rack (~> 2.2, >= 2.2.4)
      rack-protection (= 3.2.0)
      tilt (~> 2.0)
    slim (3.0.9)
      temple (>= 0.7.6, < 0.9)
      tilt (>= 1.3.3, < 2.1)
    slim-rails (3.6.3)
      actionpack (>= 3.1)
      railties (>= 3.1)
      slim (>= 3.0, < 6.0, != 5.0.0)
    sneakers (2.11.0)
      bunny (~> 2.12)
      concurrent-ruby (~> 1.0)
      rake
      serverengine (~> 2.0.5)
      thor
    sorted_set (1.0.3)
      rbtree
      set (~> 1.0)
    spring (1.6.3)
    sprockets (3.7.2)
      concurrent-ruby (~> 1.0)
      rack (> 1, < 3)
    sprockets-rails (3.4.2)
      actionpack (>= 5.2)
      activesupport (>= 5.2)
      sprockets (>= 3.0.0)
    sshkit (1.22.0)
      mutex_m
      net-scp (>= 1.1.2)
      net-sftp (>= 2.1.2)
      net-ssh (>= 2.8.0)
    ssrf_filter (1.1.2)
    state_machines (0.5.0)
    symmetric-encryption (3.6.0)
      coercible (>= 1.0.0)
    temple (0.8.2)
    terrapin (0.6.0)
      climate_control (>= 0.0.3, < 1.0)
    test-prof (0.5.0)
    thor (1.3.1)
    thread_safe (0.3.6)
    tilt (2.0.11)
    timers (4.3.5)
    ttfunk (1.0.3)
    turbolinks (5.2.1)
      turbolinks-source (~> 5.2)
    turbolinks-source (5.2.0)
    tzinfo (1.2.11)
      thread_safe (~> 0.1)
    uglifier (4.2.0)
      execjs (>= 0.3.0, < 3)
    unicode-display_width (2.5.0)
    unicorn (4.8.3)
      kgio (~> 2.6)
      rack
      raindrops (~> 0.7)
    unidecoder (1.1.2)
    virtus (1.0.5)
      axiom-types (~> 0.1)
      coercible (~> 1.0)
      descendants_tracker (~> 0.0, >= 0.0.3)
      equalizer (~> 0.0, >= 0.0.9)
    warden (1.2.9)
      rack (>= 2.0.9)
    watir (7.2.2)
      regexp_parser (>= 1.2, < 3)
      selenium-webdriver (~> 4.2)
    web-console (2.3.0)
      activemodel (>= 4.0)
      binding_of_caller (>= 0.7.2)
      railties (>= 4.0)
      sprockets-rails (>= 2.0, < 4.0)
    webdrivers (5.3.1)
      nokogiri (~> 1.6)
      rubyzip (>= 1.3.0)
      selenium-webdriver (~> 4.0, < 4.11)
    webmock (3.23.0)
      addressable (>= 2.8.0)
      crack (>= 0.3.2)
      hashdiff (>= 0.4.0, < 2.0.0)
    webpacker (5.4.4)
      activesupport (>= 5.2)
      rack-proxy (>= 0.6.1)
      railties (>= 5.2)
      semantic_range (>= 2.3.0)
    websocket (1.2.10)
    websocket-driver (0.7.6)
      websocket-extensions (>= 0.1.0)
    websocket-extensions (0.1.5)
    wicked_pdf (1.1.0)
    wkhtmltopdf-binary-edge (0.12.3.0)
    xpath (3.2.0)
      nokogiri (~> 1.8)
    yard (0.9.34)
    yard-mongoid (0.1.0)
      yard (>= 0.8.4)
    zeitwerk (2.6.13)

PLATFORMS
  x86_64-darwin-21
  x86_64-linux

DEPENDENCIES
  aasm (~> 4.8.0)
  acapi!
  action_mailer_cache_delivery (~> 0.3.7)
  addressable (= 2.8.0)
  animate-rails (~> 1.0.10)
  aws-sdk (= 2.2.4)
  bcrypt (~> 3.1)
  benefit_markets!
  benefit_sponsors!
  bigdecimal (= 1.3.5)
  bootstrap-multiselect-rails (~> 0.9.9)
  bootstrap-slider-rails (= 9.8.0)
  brakeman
  browser (= 2.7.0)
  bson (~> 4.3)
  capistrano (= 3.3.5)
  capistrano-rails (= 1.1.6)
  capybara (= 3.12)
  capybara-screenshot (~> 1.0.18)
  carrierwave-mongoid
  certified
  chosen-rails
  ckeditor
  climate_control (= 0.2.0)
  coffee-rails (~> 4.2.2)
  combine_pdf
  config (~> 2.0)
  cucumber (= 3.1.2)
  cucumber-rails (= 2.0)
  curl
  database_cleaner (= 1.5.3)
  devise (~> 4.5)
  dry-container (= 0.9)
  effective_datatables!
  email_spec (= 2.0.0)
  eye (= 0.10.0)
  factory_bot_rails (~> 4.11)
  fakeredis
  ffi (= 1.14.0)
  forgery
  haml
  haml-rails (~> 1.0)
  holidays (~> 8.6)
  httparty
  i18n (= 0.9.5)
  interactor (= 3.1.0)
  interactor-rails (= 2.2.1)
  jbuilder (~> 2.0)
  jquery-datatables-rails (= 3.4.0)
  jquery-rails (~> 4.3)
  jquery-turbolinks
  jquery-ui-rails
  kaminari (= 0.17.0)
  kostya-sigar (= 2.0.10)
  language_list (~> 1.1.0)
  loofah (~> 2.19.1)
  mail (= 2.6.3)
  maskedinput-rails
  mini_racer (= 0.6.4)
  money-rails (~> 1.10.0)
  mongo (~> 2.6)
  mongo_session_store (~> 3.1)
  mongoid (~> 7.0.2)
  mongoid-autoinc (~> 6.0)
  mongoid-history (~> 0.8)
  mongoid-rspec (~> 4)
  mongoid-versioning
  mongoid_rails_migrations (= 1.2.1)
  mongoid_userstamp (~> 0.4)!
  newrelic_rpm
  next_rails (~> 1.3)
  nokogiri (= 1.13.10)
  nokogiri-happymapper (~> 0.8.0)
  non-stupid-digest-assets (~> 1.0, >= 1.0.9)
  notifier!
  openhbx_cv2!
  overcommit
  parallel_tests (= 2.26.2)
  prawn!
  puma (= 4.3.6)
  pundit (~> 1.0.1)
  railroady (~> 1.5.2)
  rails (= 5.2.8.1)
  rails-controller-testing
  rails-i18n (= 5.1.3)
  recaptcha (= 4.3.1)
  recurring_select (~> 3.0)
  redcarpet (= 3.4.0)
  redis-rails
  resource_registry!
  resque
  roo (~> 2.1.0)
  rspec-benchmark
  rspec-instafail
  rspec-rails (~> 5.1.2)
  rspec_junit_formatter (= 0.2.3)
  rubocop
  rubocop-git
  rubocop-rspec
  ruby-progressbar (~> 1.7)
  ruby-saml (~> 1.3)
  rubyXL
  sass-rails (~> 5.0)
  sassc (~> 2.0)
  sdoc (~> 0.4.0)
  shoulda-matchers (= 3.1.1)
  simple_calendar!
  simplecov (= 0.14.1)
  slim (~> 3.0.8)
  slim-rails
  sponsored_benefits!
  spring (= 1.6.3)
  sprockets (~> 3.5, >= 3.5.2)
  symmetric-encryption (~> 3.6.0)
  test-prof (= 0.5.0)
  transport_gateway!
  transport_profiles!
  turbolinks (~> 5)
  uglifier (>= 1.3.0)
  unicorn (~> 4.8.3)
  virtus
  warden
  watir
  web-console (= 2.3.0)
  webdrivers (~> 5.3.1)
  webmock
  webpacker
  wicked_pdf (= 1.1.0)
  wkhtmltopdf-binary-edge (~> 0.12.3.0)
  yard (~> 0.9.5)
  yard-mongoid (~> 0.1.0)

RUBY VERSION
   ruby 2.7.6p219

BUNDLED WITH
   2.3.26
