GIT
  remote: git://github.com/dchbx/acapi.git
  revision: ddaade0c436e65e79a0f2e859ee14279c302e87c
  branch: development
  specs:
    acapi (0.0.1)
      activesupport (~> 4.2.0)
      bunny (~> 1.7.0)

GEM
  remote: https://rubygems.org/
  specs:
    aasm (4.0.8)
    action_mailer_cache_delivery (0.3.7)
      actionmailer (>= 3.0)
    actionmailer (4.2.0)
      actionpack (= 4.2.0)
      actionview (= 4.2.0)
      activejob (= 4.2.0)
      mail (~> 2.5, >= 2.5.4)
      rails-dom-testing (~> 1.0, >= 1.0.5)
    actionpack (4.2.0)
      actionview (= 4.2.0)
      activesupport (= 4.2.0)
      rack (~> 1.6.0)
      rack-test (~> 0.6.2)
      rails-dom-testing (~> 1.0, >= 1.0.5)
      rails-html-sanitizer (~> 1.0, >= 1.0.1)
    actionview (4.2.0)
      activesupport (= 4.2.0)
      builder (~> 3.1)
      erubis (~> 2.7.0)
      rails-dom-testing (~> 1.0, >= 1.0.5)
      rails-html-sanitizer (~> 1.0, >= 1.0.1)
    activejob (4.2.0)
      activesupport (= 4.2.0)
      globalid (>= 0.3.0)
    activemodel (4.2.0)
      activesupport (= 4.2.0)
      builder (~> 3.1)
    activerecord (4.2.0)
      activemodel (= 4.2.0)
      activesupport (= 4.2.0)
      arel (~> 6.0)
    activesupport (4.2.0)
      i18n (~> 0.7)
      json (~> 1.7, >= 1.7.7)
      minitest (~> 5.1)
      thread_safe (~> 0.3, >= 0.3.4)
      tzinfo (~> 1.1)
    addressable (2.3.8)
    amq-protocol (1.9.2)
    animate-rails (1.0.8)
      rails
    arel (6.0.3)
    bcrypt (3.1.10)
    binding_of_caller (0.7.2)
      debug_inspector (>= 0.0.1)
    bootstrap-multiselect-rails (0.9.9)
      rails (>= 4.0.0)
    bson (2.3.0)
    builder (3.2.2)
    bunny (1.7.0)
      amq-protocol (>= 1.9.2)
    byebug (5.0.0)
      columnize (= 0.9.0)
    cancancan (1.9.2)
    capistrano (3.3.5)
      capistrano-stats (~> 1.1.0)
      i18n
      rake (>= 10.0.0)
      sshkit (~> 1.3)
    capistrano-bundler (1.1.4)
      capistrano (~> 3.1)
      sshkit (~> 1.2)
    capistrano-rails (1.1.3)
      capistrano (~> 3.1)
      capistrano-bundler (~> 1.1)
    capistrano-stats (1.1.1)
    capybara (2.4.4)
      mime-types (>= 1.16)
      nokogiri (>= 1.3.3)
      rack (>= 1.0.0)
      rack-test (>= 0.5.4)
      xpath (~> 2.0)
    carrierwave (0.10.0)
      activemodel (>= 3.2.0)
      activesupport (>= 3.2.0)
      json (>= 1.7)
      mime-types (>= 1.16)
    carrierwave-mongoid (0.7.1)
      carrierwave (>= 0.8.0, < 0.11.0)
      mongoid (>= 3.0, < 5.0)
      mongoid-grid_fs (>= 1.3, < 3.0)
    celluloid (0.15.2)
      timers (~> 1.1.0)
    celluloid-io (0.15.0)
      celluloid (>= 0.15.0)
      nio4r (>= 0.5.0)
    childprocess (0.5.6)
      ffi (~> 1.0, >= 1.0.11)
    coderay (1.1.0)
    coercible (1.0.0)
      descendants_tracker (~> 0.0.1)
    coffee-rails (4.1.0)
      coffee-script (>= 2.2.0)
      railties (>= 4.0.0, < 5.0)
    coffee-script (2.4.1)
      coffee-script-source
      execjs
    coffee-script-source (1.9.1.1)
    colorize (0.7.7)
    columnize (0.9.0)
    commonjs (0.2.7)
    commonwatir (4.0.0)
    connection_pool (2.2.0)
    cucumber (1.3.20)
      builder (>= 2.1.2)
      diff-lcs (>= 1.1.3)
      gherkin (~> 2.12)
      multi_json (>= 1.7.5, < 2.0)
      multi_test (>= 0.1.2)
    cucumber-rails (1.4.2)
      capybara (>= 1.1.2, < 3)
      cucumber (>= 1.3.8, < 2)
      mime-types (>= 1.16, < 3)
      nokogiri (~> 1.5)
      rails (>= 3, < 5)
    database_cleaner (1.3.0)
    debug_inspector (0.0.2)
    descendants_tracker (0.0.4)
      thread_safe (~> 0.3, >= 0.3.1)
    devise (3.4.1)
      bcrypt (~> 3.0)
      orm_adapter (~> 0.1)
      railties (>= 3.2.6, < 5)
      responders
      thread_safe (~> 0.1)
      warden (~> 1.2.3)
    diff-lcs (1.2.5)
    email_spec (1.6.0)
      launchy (~> 2.1)
      mail (~> 2.2)
    erubis (2.7.0)
    execjs (2.5.2)
    eye (0.6.4)
      celluloid (~> 0.15.0)
      celluloid-io (~> 0.15.0)
      sigar (~> 0.7.2)
      state_machine
      thor
    factory_girl (4.5.0)
      activesupport (>= 3.0.0)
    factory_girl_rails (4.5.0)
      factory_girl (~> 4.5.0)
      railties (>= 3.0.0)
    ffi (1.9.10)
    font-awesome-rails (4.4.0.0)
      railties (>= 3.2, < 5.0)
    forgery (0.6.0)
    gherkin (2.12.2)
      multi_json (~> 1.3)
    globalid (0.3.6)
      activesupport (>= 4.1.0)
    haml (4.0.6)
      tilt
    hike (1.2.3)
    i18n (0.7.0)
    jbuilder (2.3.1)
      activesupport (>= 3.0.0, < 5)
      multi_json (~> 1.2)
    jquery-rails (4.0.4)
      rails-dom-testing (~> 1.0)
      railties (>= 4.2.0)
      thor (>= 0.14, < 2.0)
    jquery-turbolinks (2.1.0)
      railties (>= 3.1.0)
      turbolinks
    jquery-ui-rails (5.0.5)
      railties (>= 3.2.16)
    json (1.8.3)
    kaminari (0.16.3)
      actionpack (>= 3.0.0)
      activesupport (>= 3.0.0)
    kgio (2.9.3)
    language_list (1.1.0)
    launchy (2.4.3)
      addressable (~> 2.3)
    less (2.6.0)
      commonjs (~> 0.2.7)
    less-rails (2.6.0)
      actionpack (>= 3.1)
      less (~> 2.6.0)
    less-rails-bootstrap (3.3.1.0)
      less-rails (~> 2.6.0)
    libv8 (3.16.14.11)
    loofah (2.0.2)
      nokogiri (>= 1.5.9)
    mail (2.6.3)
      mime-types (>= 1.16, < 3)
    maskedinput-rails (1.4.0.0)
    method_source (0.8.2)
    mime-types (2.6.1)
    mini_portile (0.6.2)
    minitest (5.7.0)
    monetize (1.1.0)
      money (~> 6.5.0)
    money (6.5.1)
      i18n (>= 0.6.4, <= 0.7.0)
    money-rails (1.3.0)
      activesupport (>= 3.0)
      monetize (~> 1.1.0)
      money (~> 6.5.0)
      railties (>= 3.0)
    mongo_session_store-rails4 (6.0.0)
      actionpack (>= 3.1)
    mongoid (4.0.2)
      activemodel (~> 4.0)
      moped (~> 2.0.0)
      origin (~> 2.1)
      tzinfo (>= 0.3.37)
    mongoid-enum (0.2.0)
      mongoid (~> 4.0)
    mongoid-grid_fs (2.1.0)
      mime-types (>= 1.0, < 3.0)
      mongoid (>= 3.0, < 5.0)
    mongoid-rspec (2.2.0)
      mongoid (~> 4.0.0)
      rake
      rspec (~> 3.1)
    mongoid-versioning (1.0.0)
      activesupport
      mongoid (~> 4.0.0)
    mongoid_auto_increment (0.1.2)
      mongoid (>= 2.0)
    moped (2.0.4)
      bson (~> 2.2)
      connection_pool (~> 2.0)
      optionable (~> 0.2.0)
    multi_json (1.11.2)
    multi_test (0.1.2)
    net-scp (1.2.1)
      net-ssh (>= 2.6.5)
    net-ssh (2.9.2)
    nio4r (1.1.1)
    nokogiri (1.6.6.2)
      mini_portile (~> 0.6.0)
    nokogiri-happymapper (0.5.9)
      nokogiri (~> 1.5)
    optionable (0.2.0)
    origin (2.1.1)
    orm_adapter (0.5.0)
    pry (0.10.1)
      coderay (~> 1.1.0)
      method_source (~> 0.8.1)
      slop (~> 3.4)
    pry-byebug (3.2.0)
      byebug (~> 5.0)
      pry (~> 0.10)
    pry-rails (0.3.4)
      pry (>= 0.9.10)
    pry-remote (0.1.8)
      pry (~> 0.9)
      slop (~> 3.0)
    pry-stack_explorer (0.4.9.2)
      binding_of_caller (>= 0.7)
      pry (>= 0.9.11)
    rack (1.6.4)
    rack-test (0.6.3)
      rack (>= 1.0)
    rails (4.2.0)
      actionmailer (= 4.2.0)
      actionpack (= 4.2.0)
      actionview (= 4.2.0)
      activejob (= 4.2.0)
      activemodel (= 4.2.0)
      activerecord (= 4.2.0)
      activesupport (= 4.2.0)
      bundler (>= 1.3.0, < 2.0)
      railties (= 4.2.0)
      sprockets-rails
    rails-deprecated_sanitizer (1.0.3)
      activesupport (>= 4.2.0.alpha)
    rails-dom-testing (1.0.6)
      activesupport (>= 4.2.0.beta, < 5.0)
      nokogiri (~> 1.6.0)
      rails-deprecated_sanitizer (>= 1.0.1)
    rails-html-sanitizer (1.0.2)
      loofah (~> 2.0)
    rails-i18n (4.0.4)
      i18n (~> 0.6)
      railties (~> 4.0)
    railties (4.2.0)
      actionpack (= 4.2.0)
      activesupport (= 4.2.0)
      rake (>= 0.8.7)
      thor (>= 0.18.1, < 2.0)
    raindrops (0.15.0)
    rake (10.4.2)
    rdoc (4.2.0)
      json (~> 1.4)
    redis (3.2.1)
    redis-actionpack (4.0.0)
      actionpack (~> 4)
      redis-rack (~> 1.5.0)
      redis-store (~> 1.1.0)
    redis-activesupport (4.1.1)
      activesupport (~> 4)
      redis-store (~> 1.1.0)
    redis-rack (1.5.0)
      rack (~> 1.5)
      redis-store (~> 1.1.0)
    redis-rails (4.0.0)
      redis-actionpack (~> 4)
      redis-activesupport (~> 4)
      redis-store (~> 1.1.0)
    redis-store (1.1.6)
      redis (>= 2.2)
    ref (2.0.0)
    responders (2.1.0)
      railties (>= 4.2.0, < 5)
    rspec (3.1.0)
      rspec-core (~> 3.1.0)
      rspec-expectations (~> 3.1.0)
      rspec-mocks (~> 3.1.0)
    rspec-core (3.1.7)
      rspec-support (~> 3.1.0)
    rspec-expectations (3.1.2)
      diff-lcs (>= 1.2.0, < 2.0)
      rspec-support (~> 3.1.0)
    rspec-mocks (3.1.3)
      rspec-support (~> 3.1.0)
    rspec-rails (3.1.0)
      actionpack (>= 3.0)
      activesupport (>= 3.0)
      railties (>= 3.0)
      rspec-core (~> 3.1.0)
      rspec-expectations (~> 3.1.0)
      rspec-mocks (~> 3.1.0)
      rspec-support (~> 3.1.0)
    rspec-support (3.1.2)
    ruby-progressbar (1.6.0)
    rubyzip (1.1.7)
    sdoc (0.4.1)
      json (~> 1.7, >= 1.7.7)
      rdoc (~> 4.0)
    selenium-webdriver (2.47.1)
      childprocess (~> 0.5)
      multi_json (~> 1.0)
      rubyzip (~> 1.0)
      websocket (~> 1.0)
    shoulda-matchers (2.8.0)
      activesupport (>= 3.0.0)
    sigar (0.7.3)
    slop (3.6.0)
    spring (1.3.6)
    sprockets (2.12.4)
      hike (~> 1.2)
      multi_json (~> 1.0)
      rack (~> 1.0)
      tilt (~> 1.1, != 1.3.0)
    sprockets-rails (2.3.2)
      actionpack (>= 3.0)
      activesupport (>= 3.0)
      sprockets (>= 2.8, < 4.0)
    sshkit (1.7.1)
      colorize (>= 0.7.0)
      net-scp (>= 1.1.2)
      net-ssh (>= 2.8.0)
    state_machine (1.2.0)
    symmetric-encryption (3.6.0)
      coercible (>= 1.0.0)
    therubyracer (0.12.2)
      libv8 (~> 3.16.14.0)
      ref
    thor (0.19.1)
    thread_safe (0.3.5)
    tilt (1.4.1)
    timers (1.1.0)
    turbolinks (2.5.3)
      coffee-rails
    tzinfo (1.2.2)
      thread_safe (~> 0.1)
    uglifier (2.7.1)
      execjs (>= 0.3.0)
      json (>= 1.8.0)
    unicorn (4.8.3)
      kgio (~> 2.6)
      rack
      raindrops (~> 0.7)
    warden (1.2.3)
      rack (>= 1.0)
    watir (5.0.0)
      commonwatir (~> 4)
      watir-webdriver
    watir-webdriver (0.8.0)
      selenium-webdriver (>= 2.46.2)
    web-console (2.2.1)
      activemodel (>= 4.0)
      binding_of_caller (>= 0.7.2)
      railties (>= 4.0)
      sprockets-rails (>= 2.0, < 4.0)
    websocket (1.2.2)
    xpath (2.0.0)
      nokogiri (~> 1.3)

PLATFORMS
  ruby

DEPENDENCIES
  aasm (~> 4.0.7)
  acapi!
  action_mailer_cache_delivery (~> 0.3.7)
  animate-rails (~> 1.0.7)
  bootstrap-multiselect-rails (~> 0.9.9)
  bson (= 2.3.0)
  cancancan (~> 1.9.2)
  capistrano (= 3.3.5)
  capistrano-rails (~> 1.1.2)
  carrierwave-mongoid (= 0.7.1)
  coffee-rails (~> 4.1.0)
  cucumber-rails (~> 1.4.2)
  database_cleaner (= 1.3.0)
  devise (~> 3.4.1)
  email_spec
  eye
  factory_girl_rails (~> 4.0)
  font-awesome-rails
  forgery
  haml
  jbuilder (~> 2.0)
  jquery-rails
  jquery-turbolinks
  jquery-ui-rails
  kaminari
  language_list (~> 1.1.0)
  less-rails-bootstrap (~> 3.3.1.0)
  mail
  maskedinput-rails
  money-rails (~> 1.3.0)
  mongo_session_store-rails4 (~> 6.0.0)
  mongoid (~> 4.0.2)
  mongoid-enum (~> 0.2.0)
  mongoid-rspec
  mongoid-versioning
  mongoid_auto_increment
  moped (~> 2.0.4)
  nokogiri-happymapper
  origin (~> 2.1.1)
  pry
  pry-byebug
  pry-rails
  pry-remote
  pry-stack_explorer
  rails (= 4.2.0)
  rails-i18n (~> 4.0.0)
  redis-rails
  rspec-rails (~> 3.1.0)
  ruby-progressbar (= 1.6.0)
  sdoc (~> 0.4.0)
  shoulda-matchers
  spring
  sprockets (~> 2.12.3)
  symmetric-encryption (~> 3.6.0)
  therubyracer
  turbolinks
  uglifier (>= 1.3.0)
  unicorn (~> 4.8.3)
  watir
  web-console (~> 2.0)
