GIT
  remote: https://github.com/ideacrew/resource_registry.git
  revision: 326b5606bd2cd29209446682e26d477ec235dbd1
  branch: trunk
  specs:
    resource_registry (0.7.0)
      bootsnap (~> 1.0)
      deep_merge (>= 1.0.0)
      dry-configurable (~> 0.12)
      dry-container (~> 0.9)
      dry-matcher (~> 0.7)
      dry-monads (~> 1.3)
      dry-struct (~> 1.0)
      dry-types (~> 1.0)
      dry-validation (~> 1.2)
      i18n (>= 0.7.0)
      mime-types
      ox (~> 2.0)

PATH
  remote: .
  specs:
    benefit_markets (0.0.1)
      aasm (~> 4.8.0)
      active_model_serializers
      config
      dry-monads
      dry-struct
      dry-types
      dry-validation
      i18n (= 0.9.5)
      mini_portile2 (~> 2.8.0)
      mongoid (~> 7.0.2)
      nokogiri (= 1.13.10)
      pundit (~> 1.0.1)
      rails (~> 5.2.8.1)
      slim (~> 3.0.9)
      symmetric-encryption (~> 3.6.0)
      virtus (= 1.0.5)

GEM
  remote: https://rubygems.org/
  specs:
    aasm (4.8.0)
    actioncable (5.2.8.1)
      actionpack (= 5.2.8.1)
      nio4r (~> 2.0)
      websocket-driver (>= 0.6.1)
    actionmailer (5.2.8.1)
      actionpack (= 5.2.8.1)
      actionview (= 5.2.8.1)
      activejob (= 5.2.8.1)
      mail (~> 2.5, >= 2.5.4)
      rails-dom-testing (~> 2.0)
    actionpack (5.2.8.1)
      actionview (= 5.2.8.1)
      activesupport (= 5.2.8.1)
      rack (~> 2.0, >= 2.0.8)
      rack-test (>= 0.6.3)
      rails-dom-testing (~> 2.0)
      rails-html-sanitizer (~> 1.0, >= 1.0.2)
    actionview (5.2.8.1)
      activesupport (= 5.2.8.1)
      builder (~> 3.1)
      erubi (~> 1.4)
      rails-dom-testing (~> 2.0)
      rails-html-sanitizer (~> 1.0, >= 1.0.3)
    active_model_serializers (0.10.14)
      actionpack (>= 4.1)
      activemodel (>= 4.1)
      case_transform (>= 0.2)
      jsonapi-renderer (>= 0.1.1.beta1, < 0.3)
    activejob (5.2.8.1)
      activesupport (= 5.2.8.1)
      globalid (>= 0.3.6)
    activemodel (5.2.8.1)
      activesupport (= 5.2.8.1)
    activerecord (5.2.8.1)
      activemodel (= 5.2.8.1)
      activesupport (= 5.2.8.1)
      arel (>= 9.0)
    activestorage (5.2.8.1)
      actionpack (= 5.2.8.1)
      activerecord (= 5.2.8.1)
      marcel (~> 1.0.0)
    activesupport (5.2.8.1)
      concurrent-ruby (~> 1.0, >= 1.0.2)
      i18n (>= 0.7, < 2)
      minitest (~> 5.1)
      tzinfo (~> 1.1)
    addressable (2.8.6)
      public_suffix (>= 2.0.2, < 6.0)
    arel (9.0.0)
    ast (2.4.2)
    axiom-types (0.1.1)
      descendants_tracker (~> 0.0.4)
      ice_nine (~> 0.11.0)
      thread_safe (~> 0.3, >= 0.3.1)
    bootsnap (1.18.3)
      msgpack (~> 1.2)
    bson (4.15.0)
    builder (3.2.4)
    capybara (3.39.2)
      addressable
      matrix
      mini_mime (>= 0.1.3)
      nokogiri (~> 1.8)
      rack (>= 1.6.0)
      rack-test (>= 0.6.3)
      regexp_parser (>= 1.5, < 3.0)
      xpath (~> 3.2)
    case_transform (0.2)
      activesupport
    coercible (1.0.0)
      descendants_tracker (~> 0.0.1)
    concurrent-ruby (1.2.3)
    config (5.1.0)
      deep_merge (~> 1.2, >= 1.2.1)
      dry-validation (~> 1.0, >= 1.0.0)
    crass (1.0.6)
    database_cleaner (2.0.2)
      database_cleaner-active_record (>= 2, < 3)
    database_cleaner-active_record (2.1.0)
      activerecord (>= 5.a)
      database_cleaner-core (~> 2.0.0)
    database_cleaner-core (2.0.1)
    date (3.3.4)
    deep_merge (1.2.2)
    descendants_tracker (0.0.4)
      thread_safe (~> 0.3, >= 0.3.1)
    diff-lcs (1.5.1)
    dry-configurable (0.16.1)
      dry-core (~> 0.6)
      zeitwerk (~> 2.6)
    dry-container (0.11.0)
      concurrent-ruby (~> 1.0)
    dry-core (0.9.1)
      concurrent-ruby (~> 1.0)
      zeitwerk (~> 2.6)
    dry-inflector (0.3.0)
    dry-initializer (3.1.1)
    dry-logic (1.3.0)
      concurrent-ruby (~> 1.0)
      dry-core (~> 0.9, >= 0.9)
      zeitwerk (~> 2.6)
    dry-matcher (0.9.0)
      dry-core (~> 0.4, >= 0.4.8)
    dry-monads (1.5.0)
      concurrent-ruby (~> 1.0)
      dry-core (~> 0.9, >= 0.9)
      zeitwerk (~> 2.6)
    dry-schema (1.11.3)
      concurrent-ruby (~> 1.0)
      dry-configurable (~> 0.16, >= 0.16)
      dry-core (~> 0.9, >= 0.9)
      dry-initializer (~> 3.0)
      dry-logic (~> 1.3)
      dry-types (~> 1.6)
      zeitwerk (~> 2.6)
    dry-struct (1.5.2)
      dry-core (~> 0.9, >= 0.9)
      dry-types (~> 1.6)
      ice_nine (~> 0.11)
      zeitwerk (~> 2.6)
    dry-types (1.6.1)
      concurrent-ruby (~> 1.0)
      dry-container (~> 0.3)
      dry-core (~> 0.9, >= 0.9)
      dry-inflector (~> 0.1, >= 0.1.2)
      dry-logic (~> 1.3, >= 1.3)
      zeitwerk (~> 2.6)
    dry-validation (1.9.0)
      concurrent-ruby (~> 1.0)
      dry-container (~> 0.7, >= 0.7.1)
      dry-core (~> 0.9, >= 0.9)
      dry-initializer (~> 3.0)
      dry-schema (~> 1.11, >= 1.11.0)
      zeitwerk (~> 2.6)
    equalizer (0.0.11)
    erubi (1.12.0)
    factory_bot (4.11.1)
      activesupport (>= 3.0.0)
    factory_bot_rails (4.11.1)
      factory_bot (~> 4.11.1)
      railties (>= 3.0.0)
    forgery (0.8.1)
    globalid (1.1.0)
      activesupport (>= 5.0)
    i18n (0.9.5)
      concurrent-ruby (~> 1.0)
    ice_nine (0.11.2)
    jsonapi-renderer (0.2.2)
    loofah (2.22.0)
      crass (~> 1.0.2)
      nokogiri (>= 1.12.0)
    mail (2.8.1)
      mini_mime (>= 0.1.1)
      net-imap
      net-pop
      net-smtp
    marcel (1.0.2)
    matrix (0.4.2)
    method_source (1.0.0)
    mime-types (3.5.2)
      mime-types-data (~> 3.2015)
    mime-types-data (3.2024.0206)
    mini_mime (1.1.5)
    mini_portile2 (2.8.5)
    minitest (5.22.2)
    mongo (2.19.3)
      bson (>= 4.14.1, < 5.0.0)
    mongoid (7.0.13)
      activemodel (>= 5.1, < 6.2)
      mongo (>= 2.7.0, < 3.0.0)
    mongoid_rails_migrations (1.4.0)
      activesupport (>= 4.2.0)
      bundler (>= 1.0.0)
      mongoid (>= 4.0.0)
      rails (>= 4.2.0)
      railties (>= 4.2.0)
    msgpack (1.7.2)
    net-imap (0.4.10)
      date
      net-protocol
    net-pop (0.1.2)
      net-protocol
    net-protocol (0.2.2)
      timeout
    net-smtp (0.4.0.1)
      net-protocol
    nio4r (2.7.0)
    nokogiri (1.13.10-x86_64-darwin)
      racc (~> 1.4)
    ox (2.14.17)
    parallel (1.24.0)
    parser (3.3.0.5)
      ast (~> 2.4.1)
      racc
    prism (0.24.0)
    public_suffix (5.0.4)
    pundit (1.0.1)
      activesupport (>= 3.0.0)
    racc (1.7.3)
    rack (2.2.8.1)
    rack-test (2.1.0)
      rack (>= 1.3)
    rails (5.2.8.1)
      actioncable (= 5.2.8.1)
      actionmailer (= 5.2.8.1)
      actionpack (= 5.2.8.1)
      actionview (= 5.2.8.1)
      activejob (= 5.2.8.1)
      activemodel (= 5.2.8.1)
      activerecord (= 5.2.8.1)
      activestorage (= 5.2.8.1)
      activesupport (= 5.2.8.1)
      bundler (>= 1.3.0)
      railties (= 5.2.8.1)
      sprockets-rails (>= 2.0.0)
    rails-controller-testing (1.0.5)
      actionpack (>= 5.0.1.rc1)
      actionview (>= 5.0.1.rc1)
      activesupport (>= 5.0.1.rc1)
    rails-dom-testing (2.2.0)
      activesupport (>= 5.0.0)
      minitest
      nokogiri (>= 1.6)
    rails-html-sanitizer (1.5.0)
      loofah (~> 2.19, >= 2.19.1)
    railties (5.2.8.1)
      actionpack (= 5.2.8.1)
      activesupport (= 5.2.8.1)
      method_source
      rake (>= 0.8.7)
      thor (>= 0.19.0, < 2.0)
    rainbow (3.1.1)
    rake (13.1.0)
    regexp_parser (2.9.0)
    rexml (3.2.6)
    rspec-core (3.13.0)
      rspec-support (~> 3.13.0)
    rspec-expectations (3.13.0)
      diff-lcs (>= 1.2.0, < 2.0)
      rspec-support (~> 3.13.0)
    rspec-mocks (3.13.0)
      diff-lcs (>= 1.2.0, < 2.0)
      rspec-support (~> 3.13.0)
    rspec-rails (5.1.2)
      actionpack (>= 5.2)
      activesupport (>= 5.2)
      railties (>= 5.2)
      rspec-core (~> 3.10)
      rspec-expectations (~> 3.10)
      rspec-mocks (~> 3.10)
      rspec-support (~> 3.10)
    rspec-support (3.13.0)
    rubocop (0.93.1)
      parallel (~> 1.10)
      parser (>= 2.7.1.5)
      rainbow (>= 2.2.2, < 4.0)
      regexp_parser (>= 1.8)
      rexml
      rubocop-ast (>= 0.6.0)
      ruby-progressbar (~> 1.7)
      unicode-display_width (>= 1.4.0, < 2.0)
    rubocop-ast (1.31.0)
      parser (>= 3.3.0.4)
      prism (>= 0.24.0)
    rubocop-rspec (1.44.1)
      rubocop (~> 0.87)
      rubocop-ast (>= 0.7.1)
    ruby-progressbar (1.13.0)
    shoulda-matchers (5.3.0)
      activesupport (>= 5.2.0)
    slim (3.0.9)
      temple (>= 0.7.6, < 0.9)
      tilt (>= 1.3.3, < 2.1)
    sprockets (4.2.1)
      concurrent-ruby (~> 1.0)
      rack (>= 2.2.4, < 4)
    sprockets-rails (3.4.2)
      actionpack (>= 5.2)
      activesupport (>= 5.2)
      sprockets (>= 3.0.0)
    symmetric-encryption (3.6.0)
      coercible (>= 1.0.0)
    temple (0.8.2)
    thor (1.3.0)
    thread_safe (0.3.6)
    tilt (2.0.11)
    timeout (0.4.1)
    tzinfo (1.2.11)
      thread_safe (~> 0.1)
    unicode-display_width (1.8.0)
    virtus (1.0.5)
      axiom-types (~> 0.1)
      coercible (~> 1.0)
      descendants_tracker (~> 0.0, >= 0.0.3)
      equalizer (~> 0.0, >= 0.0.9)
    websocket-driver (0.7.6)
      websocket-extensions (>= 0.1.0)
    websocket-extensions (0.1.5)
    xpath (3.2.0)
      nokogiri (~> 1.8)
    zeitwerk (2.6.13)

PLATFORMS
  x86_64-darwin-21

DEPENDENCIES
  benefit_markets!
  capybara
  database_cleaner
  factory_bot_rails (~> 4)
  forgery
  mongoid_rails_migrations
  rails-controller-testing
  resource_registry!
  rspec-rails
  rubocop-rspec (~> 1.31)
  shoulda-matchers

BUNDLED WITH
   2.3.26
